GEM
  remote: https://rubygems.org/
  specs:
    coderay (1.1.3)
    colorize (0.8.1)
    io-wait (0.1.0)
    json (2.5.1)
    method_source (1.0.0)
    net-http (0.1.1)
      net-protocol
      uri
    net-protocol (0.1.1)
      io-wait
      timeout
    open-uri (0.1.0)
    pry (0.13.1)
      coderay (~> 1.1)
      method_source (~> 1.0)
    timeout (0.1.1)
    uri (0.10.1)

PLATFORMS
  ruby

DEPENDENCIES
  colorize
  json
  net-http
  open-uri
  pry

BUNDLED WITH
   2.1.2
