GEM
  remote: https://rubygems.org/
  specs:
    coderay (1.1.3)
    colorize (0.8.1)
    json (2.5.1)
    method_source (1.0.0)
    open-uri (0.1.0)
    phl-covid-testing (0.1.0)
    pry (0.13.1)
      coderay (~> 1.1)
      method_source (~> 1.0)

PLATFORMS
  ruby

DEPENDENCIES
  colorize
  json
  open-uri
  phl-covid-testing
  pry

BUNDLED WITH
   2.1.2
